GEM
  remote: http://rubygems.org/
  specs:
    ZenTest (4.8.0)
    foreman (0.46.0)
      thor (>= 0.13.6)
    json (1.7.1)
    onstomp (1.0.7)
    rake (0.9.2.2)
    thor (0.15.2)

PLATFORMS
  ruby

DEPENDENCIES
  ZenTest
  foreman
  json
  onstomp
  rake
