GEM
  remote: http://rubygems.org/
  specs:
    ZenTest (4.8.0)
    foreman (0.46.0)
      thor (>= 0.13.6)
    json (1.7.1)
    macaddr (1.6.1)
      systemu (~> 2.5.0)
    onstomp (1.0.7)
    rake (0.9.2.2)
    stomp (1.2.4)
    systemu (2.5.1)
    thor (0.15.2)
    uuid (2.3.5)
      macaddr (~> 1.0)

PLATFORMS
  ruby

DEPENDENCIES
  ZenTest
  foreman
  json
  onstomp (~> 1.0.7)
  rake
  stomp (~> 1.2.4)
  uuid (~> 2.3.5)
